GEM
  specs:
    distribution (0.7.0)

PLATFORMS
  ruby

DEPENDENCIES
  distribution
